

GROUP Build
NUGET
  remote: http://www.nuget.org/api/v2
    FAKE (4.29.2)
GITHUB
  remote: xyncro/build
    build.fsx (589ed49e68b51d7de9e9de9be1adc30e26ce534d)
GROUP Test
FRAMEWORK: >= NET45
NUGET
  remote: http://www.nuget.org/api/v2
    Aether (8.1.2)
    Anat (1.0)
    BenchmarkDotNet.Diagnostics.Windows (0.9.7)
      BenchmarkDotNet (>= 0.9.7)
      Microsoft.Diagnostics.Tracing.TraceEvent (>= 1.0.41)
    FParsec (1.0.2)
    FSharp.Core (4.0.0.1)
    Hekate (3.2)
      Aether (>= 8.0.2 < 9.0)
    Hephaestus (1.0.1)
      Aether (>= 8.1 < 9.0)
      Anat (>= 1.0 < 2.0)
      Hekate (>= 3.2 < 4.0)
    Hephaestus.Hopac (1.0.1)
      Aether (>= 8.1 < 9.0)
      Anat (>= 1.0 < 2.0)
      Hekate (>= 3.2 < 4.0)
      Hopac (>= 0.0 < 1.0)
    Hopac (0.2.1)
      FSharp.Core (>= 3.1.2.5)
    Microsoft.Diagnostics.Tracing.TraceEvent (1.0.41)
    Unquote (3.1.1)
  remote: local/packages
    BenchmarkDotNet (0.9.7.30)
  remote: https://www.myget.org/F/freya/api/v2
    Freya (3.0.0-b301)
      Freya.Machines.Http (>= 3.0.0-b < 3.1.0-b)
      Freya.Machines.Http.Cors (>= 3.0.0-b < 3.1.0-b)
      Freya.Routers.UriTemplate (>= 3.0.0-b < 3.1.0-b)
    Freya.Core (3.0.0-b301)
      Aether (>= 8.1 < 9.0)
    Freya.Core.Hopac (3.0.0-b301)
      Aether (>= 8.1 < 9.0)
      Hopac (>= 0.0 < 1.0)
    Freya.Hopac (3.0.0-b301)
      Freya.Machines.Http.Cors.Hopac (>= 3.0.0-b < 3.1.0-b)
      Freya.Machines.Http.Hopac (>= 3.0.0-b < 3.1.0-b)
      Freya.Routers.UriTemplate.Hopac (>= 3.0.0-b < 3.1.0-b)
    Freya.Machines (3.0.0-b301)
      Aether (>= 8.1 < 9.0)
      Freya.Core (>= 3.0.0-b < 3.1.0-b)
      Hephaestus (>= 1.0 < 2.0)
    Freya.Machines.Hopac (3.0.0-b301)
      Aether (>= 8.1 < 9.0)
      Freya.Core.Hopac (>= 3.0.0-b < 3.1.0-b)
      Hephaestus.Hopac (>= 1.0 < 2.0)
    Freya.Machines.Http (3.0.0-b301)
      Aether (>= 8.1 < 9.0)
      Freya.Core (>= 3.0.0-b < 3.1.0-b)
      Freya.Machines (>= 3.0.0-b301)
      Freya.Optics.Http (>= 3.0.0-b < 3.1.0-b)
      Freya.Types.Http (>= 3.0.0-b < 3.1.0-b)
      Freya.Types.Language (>= 3.0.0-b < 3.1.0-b)
      Hephaestus (>= 1.0 < 2.0)
    Freya.Machines.Http.Cors (3.0.0-b301)
      Aether (>= 8.1 < 9.0)
      Freya.Core (>= 3.0.0-b < 3.1.0-b)
      Freya.Machines (>= 3.0.0-b301)
      Freya.Machines.Http (>= 3.0.0-b301)
      Freya.Optics.Http (>= 3.0.0-b < 3.1.0-b)
      Freya.Optics.Http.Cors (>= 3.0.0-b < 3.1.0-b)
      Freya.Types.Http (>= 3.0.0-b < 3.1.0-b)
      Freya.Types.Http.Cors (>= 3.0.0-b < 3.1.0-b)
      Hephaestus (>= 1.0 < 2.0)
    Freya.Machines.Http.Cors.Hopac (3.0.0-b301)
      Aether (>= 8.1 < 9.0)
      Freya.Core.Hopac (>= 3.0.0-b < 3.1.0-b)
      Freya.Machines.Hopac (>= 3.0.0-b301)
      Freya.Machines.Http.Hopac (>= 3.0.0-b301)
      Freya.Optics.Http.Cors.Hopac (>= 3.0.0-b < 3.1.0-b)
      Freya.Optics.Http.Hopac (>= 3.0.0-b < 3.1.0-b)
      Freya.Types.Http (>= 3.0.0-b < 3.1.0-b)
      Freya.Types.Http.Cors (>= 3.0.0-b < 3.1.0-b)
      Hephaestus.Hopac (>= 1.0 < 2.0)
    Freya.Machines.Http.Hopac (3.0.0-b301)
      Aether (>= 8.1 < 9.0)
      Freya.Core.Hopac (>= 3.0.0-b < 3.1.0-b)
      Freya.Machines.Hopac (>= 3.0.0-b301)
      Freya.Optics.Http.Hopac (>= 3.0.0-b < 3.1.0-b)
      Freya.Types.Http (>= 3.0.0-b < 3.1.0-b)
      Freya.Types.Language (>= 3.0.0-b < 3.1.0-b)
      Hephaestus.Hopac (>= 1.0 < 2.0)
    Freya.Optics (3.0.0-b301)
      Aether (>= 8.1 < 9.0)
    Freya.Optics.Hopac (3.0.0-b301)
      Aether (>= 8.1 < 9.0)
    Freya.Optics.Http (3.0.0-b301)
      Aether (>= 8.1 < 9.0)
      Freya.Core (>= 3.0.0-b < 3.1.0-b)
      Freya.Optics (>= 3.0.0-b301)
      Freya.Types.Http (>= 3.0.0-b < 3.1.0-b)
      Freya.Types.Uri (>= 3.0.0-b < 3.1.0-b)
    Freya.Optics.Http.Cors (3.0.0-b301)
      Aether (>= 8.1 < 9.0)
      Freya.Core (>= 3.0.0-b < 3.1.0-b)
      Freya.Optics (>= 3.0.0-b301)
      Freya.Optics.Http (>= 3.0.0-b301)
      Freya.Types.Http.Cors (>= 3.0.0-b < 3.1.0-b)
    Freya.Optics.Http.Cors.Hopac (3.0.0-b301)
      Aether (>= 8.1 < 9.0)
      Freya.Core.Hopac (>= 3.0.0-b < 3.1.0-b)
      Freya.Optics.Hopac (>= 3.0.0-b301)
      Freya.Optics.Http.Hopac (>= 3.0.0-b301)
      Freya.Types.Http.Cors (>= 3.0.0-b < 3.1.0-b)
    Freya.Optics.Http.Hopac (3.0.0-b301)
      Aether (>= 8.1 < 9.0)
      Freya.Core.Hopac (>= 3.0.0-b < 3.1.0-b)
      Freya.Optics.Hopac (>= 3.0.0-b301)
      Freya.Types.Http (>= 3.0.0-b < 3.1.0-b)
      Freya.Types.Uri (>= 3.0.0-b < 3.1.0-b)
    Freya.Polyfills (3.0.0-b302)
      Freya.Core (>= 3.0.0-b < 3.1.0-b)
    Freya.Polyfills.Hopac (3.0.0-b302)
      Freya.Core.Hopac (>= 3.0.0-b < 3.1.0-b)
    Freya.Routers (3.0.0-b302)
      Aether (>= 8.1 < 9.0)
    Freya.Routers.Hopac (3.0.0-b302)
      Aether (>= 8.1 < 9.0)
    Freya.Routers.UriTemplate (3.0.0-b302)
      Aether (>= 8.1 < 9.0)
      Freya.Core (>= 3.0.0-b < 3.1.0-b)
      Freya.Optics.Http (>= 3.0.0-b < 3.1.0-b)
      Freya.Polyfills (>= 3.0.0-b < 3.1.0-b)
      Freya.Routers (>= 3.0.0-b302)
      Freya.Types.Http (>= 3.0.0-b < 3.1.0-b)
      Freya.Types.Uri (>= 3.0.0-b < 3.1.0-b)
      Freya.Types.Uri.Template (>= 3.0.0-b < 3.1.0-b)
      Hekate (>= 3.0 < 4.0)
    Freya.Routers.UriTemplate.Hopac (3.0.0-b302)
      Aether (>= 8.1 < 9.0)
      Freya.Core.Hopac (>= 3.0.0-b < 3.1.0-b)
      Freya.Optics.Http.Hopac (>= 3.0.0-b < 3.1.0-b)
      Freya.Polyfills.Hopac (>= 3.0.0-b < 3.1.0-b)
      Freya.Routers.Hopac (>= 3.0.0-b302)
      Freya.Types.Http (>= 3.0.0-b < 3.1.0-b)
      Freya.Types.Uri (>= 3.0.0-b < 3.1.0-b)
      Freya.Types.Uri.Template (>= 3.0.0-b < 3.1.0-b)
      Hekate (>= 3.0 < 4.0)
    Freya.Testing (3.0.0-b301)
      Aether (>= 8.1 < 9.0)
      Freya.Core (>= 3.0.0-b < 3.1.0-b)
      Unquote
    Freya.Testing.Hopac (3.0.0-b301)
      Aether (>= 8.1 < 9.0)
      Freya.Core.Hopac (>= 3.0.0-b < 3.1.0-b)
      Unquote
    Freya.Types (3.0.0-b301)
      FParsec (>= 1.0 < 2.0)
    Freya.Types.Http (3.0.0-b301)
      FParsec (>= 1.0 < 2.0)
      Freya.Types (>= 3.0.0-b301)
      Freya.Types.Language (>= 3.0.0-b301)
      Freya.Types.Uri (>= 3.0.0-b301)
    Freya.Types.Http.Cors (3.0.0-b301)
      FParsec (>= 1.0 < 2.0)
      Freya.Types (>= 3.0.0-b301)
      Freya.Types.Http (>= 3.0.0-b301)
      Freya.Types.Language (>= 3.0.0-b301)
      Freya.Types.Uri (>= 3.0.0-b301)
    Freya.Types.Language (3.0.0-b301)
      FParsec (>= 1.0 < 2.0)
      Freya.Types (>= 3.0.0-b301)
    Freya.Types.Uri (3.0.0-b301)
      FParsec (>= 1.0 < 2.0)
      Freya.Types (>= 3.0.0-b301)
    Freya.Types.Uri.Template (3.0.0-b301)
      FParsec (>= 1.0 < 2.0)
      Freya.Types (>= 3.0.0-b301)
      Freya.Types.Uri (>= 3.0.0-b301)
